PATH
  remote: .
  specs:
    eventory (0.1.0)
      pg
      sequel (~> 5.5)

GEM
  remote: https://rubygems.org/
  specs:
    coderay (1.1.2)
    database_cleaner (1.6.2)
    diff-lcs (1.3)
    method_source (0.9.0)
    pg (1.0.0)
    pry (0.11.3)
      coderay (~> 1.1.0)
      method_source (~> 0.9.0)
    rake (13.0.6)
    rspec (3.7.0)
      rspec-core (~> 3.7.0)
      rspec-expectations (~> 3.7.0)
      rspec-mocks (~> 3.7.0)
    rspec-core (3.7.1)
      rspec-support (~> 3.7.0)
    rspec-expectations (3.7.0)
      diff-lcs (>= 1.2.0, < 2.0)
      rspec-support (~> 3.7.0)
    rspec-mocks (3.7.0)
      diff-lcs (>= 1.2.0, < 2.0)
      rspec-support (~> 3.7.0)
    rspec-support (3.7.1)
    sequel (5.5.0)

PLATFORMS
  ruby

DEPENDENCIES
  database_cleaner
  eventory!
  pry
  rake (~> 13.0)
  rspec (~> 3.0)

BUNDLED WITH
   2.3.27
